NUGET
  remote: https://nuget.org/api/v2
  specs:
    FAKE (3.11.3)
    FSharp.Compiler.Service (0.0.67)
    FSharp.Formatting (2.4.36)
      FSharp.Compiler.Service (0.0.67)
      Microsoft.AspNet.Razor (2.0.30506.0)
      RazorEngine (3.3.0)
    Microsoft.AspNet.Razor (2.0.30506.0)
    Microsoft.Bcl (1.1.9)
      Microsoft.Bcl.Build (>= 1.0.14)
    Microsoft.Bcl.Build (1.0.21)
    Microsoft.Net.Http (2.2.28)
      Microsoft.Bcl (>= 1.1.9)
      Microsoft.Bcl.Build (>= 1.0.14)
    NuGet.CommandLine (2.8.3)
    NUnit (2.6.3)
    NUnit.Runners (2.6.3)
    Octokit (0.5.2)
      Microsoft.Net.Http (>= 0)
    RazorEngine (3.3.0)
      Microsoft.AspNet.Razor (>= 2.0.30506.0)
    SourceLink.Fake (0.4.2)
GITHUB
  remote: fsharp/FAKE
  specs:
    modules/Octokit/Octokit.fsx (0a5a284350252b22075e096e6906681ece6bda1f)
      Octokit (>= 0)
  remote: fsharp/fsharp
  specs:
    src/fsharp/FSharp.Core.Unittests/FSharp.Core/Microsoft.FSharp.Collections/ArrayModule.fs (35a0efa85bb09b40e1bbe1ff056f99a7e952514b)
    src/fsharp/FSharp.Core.Unittests/FSharp.Core/Microsoft.FSharp.Collections/ArrayModule2.fs (35a0efa85bb09b40e1bbe1ff056f99a7e952514b)
    src/fsharp/FSharp.Core.Unittests/FSharp.Core/Microsoft.FSharp.Collections/ListModule.fs (35a0efa85bb09b40e1bbe1ff056f99a7e952514b)
    src/fsharp/FSharp.Core.Unittests/FSharp.Core/Microsoft.FSharp.Collections/ListModule2.fs (35a0efa85bb09b40e1bbe1ff056f99a7e952514b)
    src/fsharp/FSharp.Core.Unittests/FSharp.Core/Microsoft.FSharp.Collections/SeqModule.fs (35a0efa85bb09b40e1bbe1ff056f99a7e952514b)
    src/fsharp/FSharp.Core.Unittests/FSharp.Core/Microsoft.FSharp.Collections/SeqModule2.fs (35a0efa85bb09b40e1bbe1ff056f99a7e952514b)
    src/fsharp/FSharp.Core.Unittests/FSharp.Core/Microsoft.FSharp.Collections/StringModule.fs (35a0efa85bb09b40e1bbe1ff056f99a7e952514b)
    src/fsharp/FSharp.Core.Unittests/LibraryTestFx.fs (35a0efa85bb09b40e1bbe1ff056f99a7e952514b)
    src/fsharp/FSharp.Core/FSCore.resx (35a0efa85bb09b40e1bbe1ff056f99a7e952514b)
    src/fsharp/FSharp.Core/SR.fs (35a0efa85bb09b40e1bbe1ff056f99a7e952514b)